GEM
  specs:
    gosu (0.7.43)

PLATFORMS
  ruby

DEPENDENCIES
  gosu
